GEM
  remote: https://rubygems.org/
  specs:
    bigdecimal (1.2.8)
    breakpoint (2.7.0)
      sass (~> 3.3)
      sassy-maps (< 1.0.0)
    bundle (0.0.1)
      bundler
    chunky_png (1.3.5)
    compass (1.0.3)
      chunky_png (~> 1.2)
      compass-core (~> 1.0.2)
      compass-import-once (~> 1.0.5)
      rb-fsevent (>= 0.9.3)
      rb-inotify (>= 0.9)
      sass (>= 3.3.13, < 3.5)
    compass-core (1.0.3)
      multi_json (~> 1.0)
      sass (>= 3.3.0, < 3.5)
    compass-import-once (1.0.5)
      sass (>= 3.2, < 3.5)
    did_you_mean (1.0.0)
    ffi (1.9.10)
    io-console (0.4.5)
    multi_json (1.11.2)
    power_assert (0.2.6)
    rb-fsevent (0.9.7)
    rb-inotify (0.9.5)
      ffi (>= 0.5.0)
    rubygems-update (2.5.2)
    sass (3.4.21)
    sassy-maps (0.4.0)
      sass (~> 3.3)
    test-unit (3.1.5)
      power_assert

PLATFORMS
  ruby

DEPENDENCIES
  bigdecimal (= 1.2.8)
  breakpoint (= 2.7.0)
  bundle (= 0.0.1)
  bundler (= 1.11.2)
  chunky_png (= 1.3.5)
  compass (= 1.0.3)
  compass-core (= 1.0.3)
  compass-import-once (= 1.0.5)
  did_you_mean (= 1.0.0)
  ffi (= 1.9.10)
  io-console (= 0.4.5)
  rubygems-update (= 2.5.2)
  sass (= 3.4.21)
  sassy-maps (= 0.4.0)
  test-unit (= 3.1.5)

BUNDLED WITH
   1.11.2
